GEM
  remote: https://rubygems.org/
  specs:
    backports (3.17.1)
    coderay (1.1.1)
    geocoder (1.4.4)
    json (2.1.0)
    method_source (0.8.2)
    mini_portile2 (2.2.0)
    multi_json (1.14.1)
    mustermann (1.1.1)
      ruby2_keywords (~> 0.0.1)
    nokogiri (1.8.0)
      mini_portile2 (~> 2.2.0)
    pry (0.10.4)
      coderay (~> 1.1.0)
      method_source (~> 0.8.1)
      slop (~> 3.4)
    rack (2.2.2)
    rack-protection (2.0.8.1)
      rack
    redcarpet (3.4.0)
    ruby2_keywords (0.0.2)
    sinatra (2.0.8.1)
      mustermann (~> 1.0)
      rack (~> 2.0)
      rack-protection (= 2.0.8.1)
      tilt (~> 2.0)
    sinatra-contrib (2.0.8.1)
      backports (>= 2.8.2)
      multi_json
      mustermann (~> 1.0)
      rack-protection (= 2.0.8.1)
      sinatra (= 2.0.8.1)
      tilt (~> 2.0)
    sinatra-cross_origin (0.4.0)
    slop (3.6.0)
    tilt (2.0.10)

PLATFORMS
  ruby

DEPENDENCIES
  geocoder
  json
  nokogiri
  pry
  redcarpet
  sinatra
  sinatra-contrib
  sinatra-cross_origin

BUNDLED WITH
   1.15.3
